PATH
  remote: .
  specs:
    ops (2.0.0)
      activesupport (~> 3.2.0, >= 3.2.13)
      awesome_print (>= 1.1.0)
      httpclient (~> 2.2.5)
      multi_json (~> 1.3, >= 1.3.6)
      nokogiri (~> 1.5.5)
      oj (~> 1.3.0)

GEM
  remote: http://rubygems.org/
  specs:
    activesupport (3.2.13)
      i18n (= 0.6.1)
      multi_json (~> 1.0)
    addressable (2.3.4)
    awesome_print (1.1.0)
    crack (0.3.2)
    diff-lcs (1.1.3)
    flexmock (1.0.4)
    httpclient (2.2.7)
    i18n (0.6.1)
    multi_json (1.7.2)
    nokogiri (1.5.9)
    oj (1.3.7)
    rake (0.9.2.2)
    rspec (2.11.0)
      rspec-core (~> 2.11.0)
      rspec-expectations (~> 2.11.0)
      rspec-mocks (~> 2.11.0)
    rspec-core (2.11.1)
    rspec-expectations (2.11.3)
      diff-lcs (~> 1.1.3)
    rspec-mocks (2.11.3)
    vcr (2.2.5)
    webmock (1.8.11)
      addressable (>= 2.2.7)
      crack (>= 0.1.7)

PLATFORMS
  ruby

DEPENDENCIES
  awesome_print
  flexmock (~> 1.0.3)
  ops!
  rake (~> 0.9.2.2)
  rspec (~> 2.11.0)
  vcr (~> 2.2.3)
  webmock (~> 1.8.7)
